GEM
  remote: http://rubygems.org/
  specs:
    chunky_png (1.2.4)
    metaclass (0.0.1)
    mocha (0.10.0)
      metaclass (~> 0.0.1)
    oily_png (1.0.2)
      chunky_png (~> 1.2.1)

PLATFORMS
  ruby

DEPENDENCIES
  mocha
  oily_png
